GEM
  remote: http://rubygems.org/
  specs:
    rake (0.9.2)
    yard (0.7.5)

PLATFORMS
  ruby

DEPENDENCIES
  rake
  yard (= 0.7.5)
